GEM
  remote: http://rubygems.org/
  specs:
    dogapi (1.37.1)
      multi_json
    jsonl (0.1.5)
    multi_json (1.14.1)

PLATFORMS
  ruby

DEPENDENCIES
  dogapi
  jsonl

BUNDLED WITH
   2.0.1
